GEM
  remote: http://rubygems.org/
  specs:
    activemodel (3.0.5)
      activesupport (= 3.0.5)
      builder (~> 2.1.2)
      i18n (~> 0.4)
    activesupport (3.0.5)
    awesome_print (0.3.2)
    bson (1.2.4)
    bson_ext (1.2.4)
    builder (2.1.2)
    capybara (0.4.1.2)
      celerity (>= 0.7.9)
      culerity (>= 0.2.4)
      mime-types (>= 1.16)
      nokogiri (>= 1.3.3)
      rack (>= 1.0.0)
      rack-test (>= 0.5.4)
      selenium-webdriver (>= 0.0.27)
      xpath (~> 0.1.3)
    celerity (0.8.9)
    childprocess (0.1.9)
      ffi (~> 1.0.6)
    crack (0.1.8)
    culerity (0.2.15)
    daemons (1.1.0)
    diff-lcs (1.1.2)
    entrez (0.3.0)
      httparty
    eventmachine (0.12.10)
    ffi (1.0.7)
      rake (>= 0.8.7)
    git (1.2.5)
    haml (3.1.1)
    http_router (0.5.4)
      rack (>= 1.0.0)
      url_mount (~> 0.2.1)
    httparty (0.7.4)
      crack (= 0.1.8)
    i18n (0.5.0)
    json_pure (1.5.1)
    machinist (1.0.6)
    machinist_mongo (1.2.0)
      machinist (~> 1.0.6)
    mail (2.2.15)
      activesupport (>= 2.3.6)
      i18n (>= 0.4.0)
      mime-types (~> 1.16)
      treetop (~> 1.4.8)
    mime-types (1.16)
    mocha (0.9.12)
    mongo (1.2.4)
      bson (>= 1.2.4)
    mongoid (2.0.0.rc.7)
      activemodel (~> 3.0)
      mongo (~> 1.2)
      tzinfo (~> 0.3.22)
      will_paginate (~> 3.0.pre)
    nokogiri (1.4.4)
    padrino (0.9.22)
      padrino-admin (= 0.9.22)
      padrino-cache (= 0.9.22)
      padrino-core (= 0.9.22)
      padrino-gen (= 0.9.22)
      padrino-helpers (= 0.9.22)
      padrino-mailer (= 0.9.22)
    padrino-admin (0.9.22)
      padrino-core (= 0.9.22)
      padrino-helpers (= 0.9.22)
    padrino-cache (0.9.22)
      padrino-core (= 0.9.22)
    padrino-core (0.9.22)
      activesupport (>= 3.0.0)
      http_router (~> 0.5.4)
      sinatra (~> 1.1.0)
      thor (>= 0.14.3)
      tzinfo
    padrino-gen (0.9.22)
      bundler (>= 1.0.2)
      git
      padrino-core (= 0.9.22)
    padrino-helpers (0.9.22)
      i18n (>= 0.4.1)
      padrino-core (= 0.9.22)
    padrino-mailer (0.9.22)
      mail (>= 2.2.0)
      padrino-core (= 0.9.22)
    polyglot (0.3.1)
    rack (1.2.1)
    rack-flash (0.1.1)
      rack
    rack-test (0.6.0)
      rack (>= 1.0)
    rake (0.8.7)
    rspec (2.5.0)
      rspec-core (~> 2.5.0)
      rspec-expectations (~> 2.5.0)
      rspec-mocks (~> 2.5.0)
    rspec-core (2.5.1)
    rspec-expectations (2.5.0)
      diff-lcs (~> 1.1.2)
    rspec-mocks (2.5.0)
    rubyzip (0.9.4)
    sass (3.1.1)
    selenium-webdriver (0.2.0)
      childprocess (>= 0.1.7)
      ffi (>= 1.0.7)
      json_pure
      rubyzip
    sinatra (1.1.3)
      rack (~> 1.1)
      tilt (< 2.0, >= 1.2.2)
    spork (0.8.4)
    thin (1.2.7)
      daemons (>= 1.0.9)
      eventmachine (>= 0.12.6)
      rack (>= 1.0.0)
    thor (0.14.6)
    tilt (1.2.2)
    treetop (1.4.9)
      polyglot (>= 0.3.1)
    tzinfo (0.3.24)
    url_mount (0.2.1)
      rack
    will_paginate (3.0.pre2)
    xpath (0.1.4)
      nokogiri (~> 1.3)

PLATFORMS
  ruby

DEPENDENCIES
  awesome_print
  bson_ext (= 1.2.4)
  capybara (~> 0.4.1)
  entrez (= 0.3.0)
  haml (= 3.1.1)
  machinist_mongo (= 1.2.0)
  mocha (= 0.9.12)
  mongoid (= 2.0.0.rc.7)
  nokogiri (= 1.4.4)
  padrino (= 0.9.22)
  rack-flash (= 0.1.1)
  rake (= 0.8.7)
  rspec (= 2.5.0)
  sass (= 3.1.1)
  spork (= 0.8.4)
  thin (= 1.2.7)
